GIT
  remote: https://github.com/rriemann/jekyll-maps
  revision: 61ec29d2bade388bc9b2e01ef5d742754ac01399
  branch: mapbox-geojson
  specs:
    jekyll-maps (2.3.1)
      jekyll (~> 3.0)

GIT
  remote: https://gitlab.com/rriemann/hydejack-pro.git
  revision: d9dcfc73a6bdad8de278751069fdfc80e386d23e
  branch: gem-pro
  specs:
    jekyll-theme-hydejack-pro (7.5.2)
      jekyll (~> 3.6)

GEM
  remote: https://rubygems.org/
  specs:
    activesupport (4.2.11)
      i18n (~> 0.7)
      minitest (~> 5.1)
      thread_safe (~> 0.3, >= 0.3.4)
      tzinfo (~> 1.1)
    addressable (2.5.2)
      public_suffix (>= 2.0.2, < 4.0)
    bibtex-ruby (4.4.7)
      latex-decode (~> 0.0)
    citeproc (1.0.9)
      namae (~> 1.0)
    citeproc-ruby (1.1.10)
      citeproc (~> 1.0, >= 1.0.9)
      csl (~> 1.5)
    colorator (1.1.0)
    concurrent-ruby (1.1.4)
    csl (1.5.0)
      namae (~> 1.0)
    csl-styles (1.0.1.9)
      csl (~> 1.0)
    em-websocket (0.5.1)
      eventmachine (>= 0.12.9)
      http_parser.rb (~> 0.6.0)
    eventmachine (1.2.7)
    faraday (0.15.4)
      multipart-post (>= 1.2, < 3)
    ffi (1.10.0)
    flickraw (0.9.9)
    flickraw-cached (20120701)
      flickraw (>= 0.9)
    forwardable-extended (2.6.0)
    gemoji (3.0.0)
    html-pipeline (2.10.0)
      activesupport (>= 2)
      nokogiri (>= 1.4)
    http_parser.rb (0.6.0)
    i18n (0.9.5)
      concurrent-ruby (~> 1.0)
    jekyll (3.8.5)
      addressable (~> 2.4)
      colorator (~> 1.0)
      em-websocket (~> 0.5)
      i18n (~> 0.7)
      jekyll-sass-converter (~> 1.0)
      jekyll-watch (~> 2.0)
      kramdown (~> 1.14)
      liquid (~> 4.0)
      mercenary (~> 0.3.3)
      pathutil (~> 0.9)
      rouge (>= 1.7, < 4)
      safe_yaml (~> 1.0)
    jekyll-avatar (0.6.0)
      jekyll (~> 3.0)
    jekyll-cache (1.2.0)
      activesupport (>= 4.0, < 6.0)
      jekyll (~> 3.1)
      jekyll-log-wrapper (~> 1.0)
      jekyll-sanity (~> 1.0)
    jekyll-default-layout (0.1.4)
      jekyll (~> 3.0)
    jekyll-feed (0.11.0)
      jekyll (~> 3.3)
    jekyll-flickr (0.1.2)
      flickraw (~> 0.9.9)
      flickraw-cached (>= 20120701)
      jekyll-cache (~> 1.2)
    jekyll-gist (1.5.0)
      octokit (~> 4.2)
    jekyll-log-wrapper (1.0.0)
      forwardable-extended (~> 2.6)
      jekyll (~> 3.1)
    jekyll-optional-front-matter (0.3.0)
      jekyll (~> 3.0)
    jekyll-paginate (1.1.0)
    jekyll-redirect-from (0.14.0)
      jekyll (~> 3.3)
    jekyll-relative-links (0.5.3)
      jekyll (~> 3.3)
    jekyll-remote-theme (0.3.1)
      jekyll (~> 3.5)
      rubyzip (>= 1.2.1, < 3.0)
    jekyll-sanity (1.2.0)
      jekyll (~> 3.1)
    jekyll-sass-converter (1.5.2)
      sass (~> 3.4)
    jekyll-scholar (5.14.0)
      bibtex-ruby (~> 4.0, >= 4.0.13)
      citeproc-ruby (~> 1.0)
      csl-styles (~> 1.0)
      jekyll (~> 3.0)
    jekyll-seo-tag (2.5.0)
      jekyll (~> 3.3)
    jekyll-sitemap (1.2.0)
      jekyll (~> 3.3)
    jekyll-titles-from-headings (0.5.1)
      jekyll (~> 3.3)
    jekyll-watch (2.1.2)
      listen (~> 3.0)
    jemoji (0.9.0)
      activesupport (~> 4.0, >= 4.2.9)
      gemoji (~> 3.0)
      html-pipeline (~> 2.2)
      jekyll (~> 3.0)
    kramdown (1.17.0)
    latex-decode (0.3.1)
    liquid (4.0.1)
    listen (3.1.5)
      rb-fsevent (~> 0.9, >= 0.9.4)
      rb-inotify (~> 0.9, >= 0.9.7)
      ruby_dep (~> 1.2)
    mercenary (0.3.6)
    mini_portile2 (2.4.0)
    minitest (5.11.3)
    multipart-post (2.0.0)
    namae (1.0.1)
    nokogiri (1.10.1)
      mini_portile2 (~> 2.4.0)
    octokit (4.13.0)
      sawyer (~> 0.8.0, >= 0.5.3)
    pathutil (0.16.2)
      forwardable-extended (~> 2.6)
    public_suffix (3.0.3)
    rb-fsevent (0.10.3)
    rb-inotify (0.10.0)
      ffi (~> 1.0)
    rouge (3.3.0)
    ruby_dep (1.5.0)
    rubyzip (1.2.2)
    safe_yaml (1.0.4)
    sass (3.7.3)
      sass-listen (~> 4.0.0)
    sass-listen (4.0.0)
      rb-fsevent (~> 0.9, >= 0.9.4)
      rb-inotify (~> 0.9, >= 0.9.7)
    sawyer (0.8.1)
      addressable (>= 2.3.5, < 2.6)
      faraday (~> 0.8, < 1.0)
    thread_safe (0.3.6)
    tzinfo (1.2.5)
      thread_safe (~> 0.1)

PLATFORMS
  ruby

DEPENDENCIES
  jekyll
  jekyll-avatar
  jekyll-default-layout
  jekyll-feed
  jekyll-flickr (~> 0.1.2)
  jekyll-gist
  jekyll-maps!
  jekyll-optional-front-matter
  jekyll-paginate
  jekyll-redirect-from
  jekyll-relative-links
  jekyll-remote-theme
  jekyll-scholar
  jekyll-seo-tag
  jekyll-sitemap
  jekyll-theme-hydejack-pro!
  jekyll-titles-from-headings
  jemoji (= 0.9.0)
  tzinfo-data

BUNDLED WITH
   1.16.6
